GEM
  remote: https://rubygems.org/
  specs:
    connection_pool (2.2.2)
    hiredis (0.6.3)
    rack (2.2.3)
    rack-protection (2.0.5)
      rack
    redis (4.1.2)
    sidekiq (5.2.7)
      connection_pool (~> 2.2, >= 2.2.2)
      rack (>= 1.5.0)
      rack-protection (>= 1.5.0)
      redis (>= 3.3.5, < 5)

PLATFORMS
  ruby

DEPENDENCIES
  hiredis
  redis
  sidekiq

BUNDLED WITH
   1.17.2
